PATH
  remote: .
  specs:
    more (0.1.0)
      less (~> 2.0.1)
      more

GEM
  remote: http://rubygems.org/
  specs:
    actionmailer (2.3.8)
      actionpack (= 2.3.8)
    actionpack (2.3.8)
      activesupport (= 2.3.8)
      rack (~> 1.1.0)
    activerecord (2.3.8)
      activesupport (= 2.3.8)
    activeresource (2.3.8)
      activesupport (= 2.3.8)
    activesupport (2.3.8)
    less (2.0.1)
      therubyracer (~> 0.9.0beta6)
    libv8 (3.3.10.2)
    rack (1.1.0)
    rails (2.3.8)
      actionmailer (= 2.3.8)
      actionpack (= 2.3.8)
      activerecord (= 2.3.8)
      activeresource (= 2.3.8)
      activesupport (= 2.3.8)
      rake (>= 0.8.3)
    rake (0.9.2)
    shoulda (2.10.3)
    therubyracer (0.9.0beta7)
      libv8 (~> 3.3.10)

PLATFORMS
  ruby

DEPENDENCIES
  actionpack (~> 2.3.8)
  activesupport (~> 2.3.8)
  more!
  rails (~> 2.3.8)
  rake
  shoulda
